PATH
  remote: .
  specs:
    robin (0.0.3)
      activesupport (>= 4.1.0)
      librato-rack (~> 0.4, >= 0.4.0)
      sidekiq (>= 3.0)

GEM
  remote: https://rubygems.org/
  specs:
    activesupport (4.2.5.1)
      i18n (~> 0.7)
      json (~> 1.7, >= 1.7.7)
      minitest (~> 5.1)
      thread_safe (~> 0.3, >= 0.3.4)
      tzinfo (~> 1.1)
    aggregate (0.2.2)
    ast (2.2.0)
    builder (3.2.2)
    celluloid (0.17.3)
      celluloid-essentials
      celluloid-extras
      celluloid-fsm
      celluloid-pool
      celluloid-supervision
      timers (>= 4.1.1)
    celluloid-essentials (0.20.5)
      timers (>= 4.1.1)
    celluloid-extras (0.20.5)
      timers (>= 4.1.1)
    celluloid-fsm (0.20.5)
      timers (>= 4.1.1)
    celluloid-pool (0.20.5)
      timers (>= 4.1.1)
    celluloid-supervision (0.20.5)
      timers (>= 4.1.1)
    connection_pool (2.2.0)
    diff-lcs (1.2.5)
    faraday (0.9.2)
      multipart-post (>= 1.2, < 3)
    hetchy (1.0.0)
    hitimes (1.2.3)
    i18n (0.7.0)
    json (1.8.3)
    librato-metrics (1.6.0)
      aggregate (~> 0.2.2)
      faraday (~> 0.7)
      multi_json
    librato-rack (0.6.0)
      hetchy (~> 1.0)
      librato-metrics (~> 1.6)
    minitest (5.8.4)
    multi_json (1.11.2)
    multipart-post (2.0.0)
    parser (2.3.0.2)
      ast (~> 2.2)
    powerpack (0.1.1)
    rainbow (2.1.0)
    redis (3.2.2)
    redis-namespace (1.5.2)
      redis (~> 3.0, >= 3.0.4)
    rspec (3.4.0)
      rspec-core (~> 3.4.0)
      rspec-expectations (~> 3.4.0)
      rspec-mocks (~> 3.4.0)
    rspec-core (3.4.1)
      rspec-support (~> 3.4.0)
    rspec-expectations (3.4.0)
      diff-lcs (>= 1.2.0, < 2.0)
      rspec-support (~> 3.4.0)
    rspec-mocks (3.4.1)
      diff-lcs (>= 1.2.0, < 2.0)
      rspec-support (~> 3.4.0)
    rspec-support (3.4.1)
    rspec_junit_formatter (0.2.3)
      builder (< 4)
      rspec-core (>= 2, < 4, != 2.12.0)
    rubocop (0.36.0)
      parser (>= 2.3.0.0, < 3.0)
      powerpack (~> 0.1)
      rainbow (>= 1.99.1, < 3.0)
      ruby-progressbar (~> 1.7)
    ruby-progressbar (1.7.5)
    sidekiq (3.0.2)
      celluloid (>= 0.15.2)
      connection_pool (>= 2.0.0)
      json
      redis (>= 3.0.6)
      redis-namespace (>= 1.3.1)
    thread_safe (0.3.5)
    timers (4.1.1)
      hitimes
    tzinfo (1.2.2)
      thread_safe (~> 0.1)

PLATFORMS
  ruby

DEPENDENCIES
  robin!
  rspec (~> 3.4.0)
  rspec_junit_formatter (>= 0.2.3)
  rubocop (~> 0.36)

BUNDLED WITH
   1.11.2
